GIT
  remote: git://github.com/eventmachine/eventmachine.git
  revision: cfb1f71a35b1a10e5821bca9841fee3080ec1685
  specs:
    eventmachine (1.0.3)

GEM
  remote: https://rubygems.org/
  specs:
    em-hiredis (0.2.1)
      hiredis (~> 0.4.0)
    em-websocket (0.5.0)
      eventmachine (>= 0.12.9)
      http_parser.rb (~> 0.5.3)
    ffi (1.9.3)
    haml (4.0.4)
      tilt
    hiredis (0.4.5)
    http_parser.rb (0.5.3)
    listen (1.0.3)
      rb-fsevent (>= 0.9.3)
      rb-inotify (>= 0.9)
      rb-kqueue (>= 0.2)
    rack (1.5.2)
    rack-protection (1.5.1)
      rack
    rb-fsevent (0.9.3)
    rb-inotify (0.9.3)
      ffi (>= 0.5.0)
    rb-kqueue (0.2.0)
      ffi (>= 0.5.0)
    redis (3.0.6)
    rerun (0.8.2)
      listen (~> 1.0.3)
    sinatra (1.4.4)
      rack (~> 1.4)
      rack-protection (~> 1.4)
      tilt (~> 1.3, >= 1.3.4)
    tilt (1.4.1)

PLATFORMS
  ruby

DEPENDENCIES
  em-hiredis
  em-websocket
  eventmachine!
  haml
  redis
  rerun
  sinatra
